GIT
  remote: git://github.com/mitchellh/vagrant.git
  revision: 6977e93ba98fd19112b1fed74dafb8619f581984
  tag: v1.5.1
  specs:
    vagrant (1.5.1)
      bundler (~> 1.5.2)
      childprocess (~> 0.5.0)
      erubis (~> 2.7.0)
      i18n (~> 0.6.0)
      listen (~> 2.4.0)
      log4r (~> 1.1.9, < 1.1.11)
      net-scp (~> 1.1.0)
      net-ssh (>= 2.6.6, < 2.8.0)
      rb-kqueue (~> 0.2.0)
      wdm (~> 0.1.0)

GEM
  remote: https://rubygems.org/
  specs:
    celluloid (0.15.2)
      timers (~> 1.1.0)
    childprocess (0.5.1)
      ffi (~> 1.0, >= 1.0.11)
    erubis (2.7.0)
    facter (1.7.5)
    ffi (1.9.3)
    hiera (1.3.2)
      json_pure
    highline (1.6.21)
    i18n (0.6.9)
    json (1.8.1)
    json_pure (1.8.1)
    librarian (0.1.2)
      highline
      thor (~> 0.15)
    librarian-puppet (0.9.14)
      json
      librarian (>= 0.1.2)
      open3_backport
    listen (2.4.1)
      celluloid (>= 0.15.2)
      rb-fsevent (>= 0.9.3)
      rb-inotify (>= 0.9)
    log4r (1.1.10)
    net-scp (1.1.2)
      net-ssh (>= 2.6.5)
    net-ssh (2.7.0)
    open3_backport (0.0.3)
      open4 (~> 1.3.0)
    open4 (1.3.3)
    puppet (3.4.3)
      facter (~> 1.6)
      hiera (~> 1.0)
      rgen (~> 0.6.5)
    rb-fsevent (0.9.4)
    rb-inotify (0.9.3)
      ffi (>= 0.5.0)
    rb-kqueue (0.2.2)
      ffi (>= 0.5.0)
    rgen (0.6.6)
    thor (0.19.1)
    timers (1.1.0)
    wdm (0.1.0)

PLATFORMS
  ruby

DEPENDENCIES
  librarian-puppet
  puppet
  vagrant!
